GEM
  remote: https://rubygems.org/
  specs:
    ast (2.4.0)
    coveralls (0.8.23)
      json (>= 1.8, < 3)
      simplecov (~> 0.16.1)
      term-ansicolor (~> 1.3)
      thor (>= 0.19.4, < 2.0)
      tins (~> 1.6)
    docile (1.3.1)
    jaro_winkler (1.5.2)
    json (2.2.0)
    parallel (1.17.0)
    parser (2.6.3.0)
      ast (~> 2.4.0)
    rack (2.0.7)
    rainbow (3.0.0)
    rubocop (0.71.0)
      jaro_winkler (~> 1.5.1)
      parallel (~> 1.10)
      parser (>= 2.6)
      rainbow (>= 2.2.2, < 4.0)
      ruby-progressbar (~> 1.7)
      unicode-display_width (>= 1.4.0, < 1.7)
    rubocop-rails (2.0.1)
      rack (>= 1.1)
      rubocop (>= 0.70.0)
    ruby-progressbar (1.10.1)
    simplecov (0.16.1)
      docile (~> 1.1)
      json (>= 1.8, < 3)
      simplecov-html (~> 0.10.0)
    simplecov-html (0.10.2)
    term-ansicolor (1.7.1)
      tins (~> 1.0)
    thor (0.20.3)
    tins (1.20.3)
    unicode-display_width (1.6.0)

PLATFORMS
  ruby

DEPENDENCIES
  coveralls
  rubocop
  rubocop-rails

BUNDLED WITH
   2.0.1
